GEM
  remote: https://rubygems.org/
  specs:
    json (2.1.0)
    mini_portile2 (2.1.0)
    nokogiri (1.7.1)
      mini_portile2 (~> 2.1.0)
    taglib-ruby (0.7.1)

PLATFORMS
  ruby

DEPENDENCIES
  json
  nokogiri
  taglib-ruby

BUNDLED WITH
   1.14.6
